PATH
  remote: .
  specs:
    statsn (0.0.1)
      newrelic_rpm (~> 3.5)

GEM
  remote: http://rubygems.org/
  specs:
    bump (0.3.7)
    diff-lcs (1.1.3)
    faraday (0.8.4)
      multipart-post (~> 1.1)
    json (1.7.5)
    multipart-post (1.1.5)
    newrelic_rpm (3.5.3.25)
    rake (0.9.2)
    rspec (2.6.0)
      rspec-core (~> 2.6.0)
      rspec-expectations (~> 2.6.0)
      rspec-mocks (~> 2.6.0)
    rspec-core (2.6.4)
    rspec-expectations (2.6.0)
      diff-lcs (~> 1.1.2)
    rspec-mocks (2.6.0)

PLATFORMS
  ruby

DEPENDENCIES
  bump
  faraday
  json
  rake
  rspec (~> 2)
  statsn!
